GEM
  remote: https://rubygems.org/
  specs:
    rack (2.0.1)
    rack-cache (1.7.0)
      rack (>= 0.4)
    redis (3.3.3)
    redis-rack-cache (1.2)
      rack-cache (~> 1.2)
      redis-store (~> 1.1.0)
    redis-store (1.1.7)
      redis (>= 2.2)

PLATFORMS
  ruby

DEPENDENCIES
  rack-cache (~> 1.2)
  redis-rack-cache (= 1.2)

BUNDLED WITH
   1.14.2
